PATH
  remote: .
  specs:
    flash (0.0.2)

GEM
  remote: https://rubygems.org/
  specs:
    diff-lcs (1.2.5)
    rake (0.9.6)
    rspec (2.14.1)
      rspec-core (~> 2.14.0)
      rspec-expectations (~> 2.14.0)
      rspec-mocks (~> 2.14.0)
    rspec-core (2.14.7)
    rspec-expectations (2.14.4)
      diff-lcs (>= 1.1.3, < 2.0)
    rspec-mocks (2.14.4)

PLATFORMS
  ruby

DEPENDENCIES
  flash!
  rake (~> 0.9)
  rspec (~> 2.0)
